GEM
  remote: http://rubygems.org/
  specs:
    actionmailer (2.3.11)
      actionpack (= 2.3.11)
    actionpack (2.3.11)
      activesupport (= 2.3.11)
      rack (~> 1.1.0)
    activerecord (2.3.11)
      activesupport (= 2.3.11)
    activerecord-mysql2-adapter (0.0.3)
      mysql2
    activeresource (2.3.11)
      activesupport (= 2.3.11)
    activesupport (2.3.11)
    authlogic (2.1.6)
      activesupport
    factory_girl (1.3.3)
    hoe (3.17.1)
      rake (>= 0.8, < 13.0)
    hpricot (0.8.6)
    mysql2 (0.3.18)
    puma (2.16.0)
    rack (1.1.6)
    rails (2.3.11)
      actionmailer (= 2.3.11)
      actionpack (= 2.3.11)
      activerecord (= 2.3.11)
      activeresource (= 2.3.11)
      activesupport (= 2.3.11)
      rake (>= 0.8.3)
    rake (0.8.7)
    sqlite3 (1.3.3)
    webrat (0.2.0)
      hoe (>= 1.5.1)
      hpricot (>= 0.6)
    yaml_db (0.2.3)

PLATFORMS
  ruby

DEPENDENCIES
  activerecord-mysql2-adapter
  authlogic
  factory_girl
  mysql2 (= 0.3.18)
  puma (= 2.16.0)
  rails (= 2.3.11)
  rake (= 0.8.7)
  sqlite3
  webrat (= 0.2.0)
  yaml_db
