GEM
  remote: https://rubygems.org/
  specs:
    actionmailer (2.3.11)
      actionpack (= 2.3.11)
    actionpack (2.3.11)
      activesupport (= 2.3.11)
      rack (~> 1.1.0)
    activerecord (2.3.11)
      activesupport (= 2.3.11)
    activeresource (2.3.11)
      activesupport (= 2.3.11)
    activesupport (2.3.11)
    authlogic (2.1.6)
      activesupport
    factory_girl (1.3.3)
    hoe (3.17.1)
      rake (>= 0.8, < 13.0)
    hpricot (0.8.6)
    rack (1.1.2)
    rails (2.3.11)
      actionmailer (= 2.3.11)
      actionpack (= 2.3.11)
      activerecord (= 2.3.11)
      activeresource (= 2.3.11)
      activesupport (= 2.3.11)
      rake (>= 0.8.3)
    rake (0.8.7)
    sqlite3 (1.3.3)
    webrat (0.2.0)
      hoe (>= 1.5.1)
      hpricot (>= 0.6)

PLATFORMS
  ruby

DEPENDENCIES
  authlogic
  factory_girl
  rails (= 2.3.11)
  rake (= 0.8.7)
  sqlite3
  webrat (= 0.2.0)

RUBY VERSION
   ruby 1.9.3p551

BUNDLED WITH
   1.15.1
